GEM
  remote: https://rubygems.org/
  specs:
    concurrent-ruby (1.1.5)
    diff-lcs (1.1.3)
    facter (2.5.6)
    fast_gettext (1.8.0)
    hiera (3.6.0)
    hocon (1.3.0)
    httpclient (2.8.3)
    locale (2.1.2)
    multi_json (1.14.1)
    puppet (6.10.1)
      concurrent-ruby (~> 1.0)
      facter (> 2.0.1, < 4)
      fast_gettext (~> 1.1)
      hiera (>= 3.2.1, < 4)
      httpclient (~> 2.8)
      locale (~> 2.1)
      multi_json (~> 1.10)
      puppet-resource_api (~> 1.5)
      semantic_puppet (~> 1.0)
    puppet-lint (0.1.13)
    puppet-resource_api (1.8.7)
      hocon (>= 1.0)
    rake (0.9.2.2)
    rspec (2.9.0)
      rspec-core (~> 2.9.0)
      rspec-expectations (~> 2.9.0)
      rspec-mocks (~> 2.9.0)
    rspec-core (2.9.0)
    rspec-expectations (2.9.0)
      diff-lcs (~> 1.1.3)
    rspec-mocks (2.9.0)
    rspec-puppet (0.1.2)
      rspec
    semantic_puppet (1.0.2)

PLATFORMS
  ruby

DEPENDENCIES
  puppet (>= 4.10.1, >= 2.7)
  puppet-lint
  rake
  rspec-puppet

BUNDLED WITH
   1.17.3
